GEM
  remote: https://rubygems.org/
  specs:
    coderay (1.1.1)
    daemons (1.2.4)
    eventmachine (1.2.0.1)
    method_source (0.8.2)
    progressbar (0.21.0)
    pry (0.10.4)
      coderay (~> 1.1.0)
      method_source (~> 0.8.1)
      slop (~> 3.4)
    rack (1.6.4)
    rack-protection (1.5.3)
      rack
    rake (11.3.0)
    sequel (4.38.0)
    sinatra (1.4.7)
      rack (~> 1.5)
      rack-protection (~> 1.4)
      tilt (>= 1.3, < 3)
    slop (3.6.0)
    sqlite3 (1.3.11)
    thin (1.7.0)
      daemons (~> 1.0, >= 1.0.9)
      eventmachine (~> 1.0, >= 1.0.4)
      rack (>= 1, < 3)
    tilt (2.0.5)

PLATFORMS
  ruby

DEPENDENCIES
  progressbar
  pry
  rake
  sequel
  sinatra
  sqlite3
  thin

BUNDLED WITH
   1.12.5
